GEM
  remote: https://rubygems.org/
  specs:
    descriptive-statistics (2.2.0)

PLATFORMS
  x86_64-darwin-19

DEPENDENCIES
  descriptive-statistics

BUNDLED WITH
   2.2.9
